PATH
  remote: .
  specs:
    tdes (3.0.6)

GEM
  remote: https://rubygems.org/
  specs:
    minitest (5.24.1)
    rake (13.0.6)
    rake-compiler (1.2.0)
      rake

PLATFORMS
  arm64-darwin-23
  x86_64-linux

DEPENDENCIES
  minitest (~> 5)
  rake-compiler (~> 1)
  tdes!

BUNDLED WITH
   2.5.18
